GEM
  remote: https://rubygems.org/
  specs:
    addressable (2.7.0)
      public_suffix (>= 2.0.2, < 5.0)
    coderay (1.1.2)
    concurrent-ruby (1.1.5)
    diff-lcs (1.3)
    dotenv (2.7.5)
    faker (2.5.0)
      i18n (~> 1.6.0)
    faraday (0.16.2)
      multipart-post (>= 1.2, < 3)
    google-cloud-core (1.3.1)
      google-cloud-env (~> 1.0)
    google-cloud-env (1.2.1)
      faraday (~> 0.11)
    google-cloud-pubsub (1.0.0)
      concurrent-ruby (~> 1.1)
      google-cloud-core (~> 1.2)
      google-gax (~> 1.7)
      googleapis-common-protos (>= 1.3.9, < 2.0)
      grpc-google-iam-v1 (~> 0.6.9)
    google-gax (1.7.1)
      google-protobuf (~> 3.2)
      googleapis-common-protos (>= 1.3.5, < 2.0)
      googleauth (>= 0.6.2, < 0.10.0)
      grpc (>= 1.7.2, < 2.0)
      rly (~> 0.2.3)
    google-protobuf (3.9.2)
    googleapis-common-protos (1.3.9)
      google-protobuf (~> 3.0)
      googleapis-common-protos-types (~> 1.0)
      grpc (~> 1.0)
    googleapis-common-protos-types (1.0.4)
      google-protobuf (~> 3.0)
    googleauth (0.9.0)
      faraday (~> 0.12)
      jwt (>= 1.4, < 3.0)
      memoist (~> 0.16)
      multi_json (~> 1.11)
      os (>= 0.9, < 2.0)
      signet (~> 0.7)
    grpc (1.24.0)
      google-protobuf (~> 3.8)
      googleapis-common-protos-types (~> 1.0)
    grpc-google-iam-v1 (0.6.9)
      googleapis-common-protos (>= 1.3.1, < 2.0)
      grpc (~> 1.0)
    i18n (1.6.0)
      concurrent-ruby (~> 1.0)
    jwt (2.2.1)
    memoist (0.16.0)
    method_source (0.9.2)
    multi_json (1.13.1)
    multipart-post (2.1.1)
    os (1.0.1)
    pry (0.12.2)
      coderay (~> 1.1.0)
      method_source (~> 0.9.0)
    public_suffix (4.0.1)
    rly (0.2.3)
    rspec (3.8.0)
      rspec-core (~> 3.8.0)
      rspec-expectations (~> 3.8.0)
      rspec-mocks (~> 3.8.0)
    rspec-core (3.8.2)
      rspec-support (~> 3.8.0)
    rspec-expectations (3.8.4)
      diff-lcs (>= 1.2.0, < 2.0)
      rspec-support (~> 3.8.0)
    rspec-mocks (3.8.1)
      diff-lcs (>= 1.2.0, < 2.0)
      rspec-support (~> 3.8.0)
    rspec-support (3.8.2)
    signet (0.11.0)
      addressable (~> 2.3)
      faraday (~> 0.9)
      jwt (>= 1.5, < 3.0)
      multi_json (~> 1.10)

PLATFORMS
  ruby

DEPENDENCIES
  dotenv
  faker
  google-cloud-pubsub
  pry (~> 0.12.2)
  rspec (~> 3.0)

BUNDLED WITH
   2.0.1
